GEM
  remote: https://rubygems.org/
  specs:
    commonmarker (1.0.4-aarch64-linux)
    commonmarker (1.0.4-arm64-darwin)
    commonmarker (1.0.4-x86_64-darwin)
    commonmarker (1.0.4-x86_64-linux)
    diff-lcs (1.5.1)
    docile (1.4.0)
    haml (5.2.2)
      temple (>= 0.8.0)
      tilt
    rake (13.2.0)
    rspec (3.13.0)
      rspec-core (~> 3.13.0)
      rspec-expectations (~> 3.13.0)
      rspec-mocks (~> 3.13.0)
    rspec-core (3.13.0)
      rspec-support (~> 3.13.0)
    rspec-expectations (3.13.0)
      diff-lcs (>= 1.2.0, < 2.0)
      rspec-support (~> 3.13.0)
    rspec-mocks (3.13.0)
      diff-lcs (>= 1.2.0, < 2.0)
      rspec-support (~> 3.13.0)
    rspec-support (3.13.1)
    rspec_junit_formatter (0.6.0)
      rspec-core (>= 2, < 4, != 2.12.0)
    simplecov (0.22.0)
      docile (~> 1.1)
      simplecov-html (~> 0.11)
      simplecov_json_formatter (~> 0.1)
    simplecov-html (0.12.3)
    simplecov_json_formatter (0.1.4)
    temple (0.10.3)
    tilt (2.3.0)

PLATFORMS
  aarch64-linux
  arm64-darwin
  x86_64-darwin
  x86_64-linux

DEPENDENCIES
  bundler
  commonmarker
  haml (~> 5.2.2)
  rake
  rspec
  rspec_junit_formatter
  simplecov

BUNDLED WITH
   2.5.7
